GEM
  remote: http://rubygems.org/
  specs:
    builder (3.0.0)
    cucumber (1.0.2)
      builder (>= 2.1.2)
      diff-lcs (>= 1.1.2)
      gherkin (~> 2.4.5)
      json (>= 1.4.6)
      term-ansicolor (>= 1.0.5)
    diff-lcs (1.1.3)
    fastercsv (1.5.4)
    gherkin (2.4.16)
      json (>= 1.4.6)
    json (1.5.3)
    nokogiri (1.5.0)
    rack (1.3.2)
    rack-test (0.6.1)
      rack (>= 1.0)
    rspec (2.6.0)
      rspec-core (~> 2.6.0)
      rspec-expectations (~> 2.6.0)
      rspec-mocks (~> 2.6.0)
    rspec-core (2.6.4)
    rspec-expectations (2.6.0)
      diff-lcs (~> 1.1.2)
    rspec-mocks (2.6.0)
    term-ansicolor (1.0.6)
    webrat (0.7.3)
      nokogiri (>= 1.2.0)
      rack (>= 1.0)
      rack-test (>= 0.5.3)

PLATFORMS
  ruby

DEPENDENCIES
  cucumber (~> 1.0.2)
  fastercsv (~> 1.5.4)
  rspec (~> 2.6.0)
  webrat (>= 0.7.2)
